GEM
  remote: http://rubygems.org/
  specs:
    actionmailer (2.3.8)
      actionpack (= 2.3.8)
    actionpack (2.3.8)
      activesupport (= 2.3.8)
      rack (~> 1.1.0)
    activerecord (2.3.8)
      activesupport (= 2.3.8)
    activeresource (2.3.8)
      activesupport (= 2.3.8)
    activesupport (2.3.8)
    acts_as_tree (0.1.1)
    lockfile (2.1.0)
    mime-types (1.17.2)
    mysql2 (0.3.10)
    nokogiri (1.5.0)
    rack (1.1.2)
    rails (2.3.8)
      actionmailer (= 2.3.8)
      actionpack (= 2.3.8)
      activerecord (= 2.3.8)
      activeresource (= 2.3.8)
      activesupport (= 2.3.8)
      rake (>= 0.8.3)
    rake (0.9.2.2)
    rest-client (1.6.7)
      mime-types (>= 1.16)
    rturk (2.5.0)
      nokogiri (>= 1.4.1)
      rest-client (>= 1.4.0)
    sqlite3 (1.3.4)
    turkee (1.0.4)

PLATFORMS
  ruby

DEPENDENCIES
  acts_as_tree
  lockfile
  mysql2
  rails (= 2.3.8)
  rturk
  sqlite3
  turkee
